PATH
  remote: .
  specs:
    wargaming_api (0.1.4)
      httparty

GEM
  remote: https://rubygems.org/
  specs:
    httparty (0.13.7)
      json (~> 1.8)
      multi_xml (>= 0.5.2)
    json (1.8.3)
    minitest (5.8.4)
    multi_xml (0.5.5)
    rake (10.5.0)

PLATFORMS
  x86-mingw32

DEPENDENCIES
  bundler (~> 1.11)
  minitest (~> 5.0)
  rake (~> 10.0)
  wargaming_api!

BUNDLED WITH
   1.11.2
